NUGET
  remote: https://api.nuget.org/v3/index.json
    Pester (5.3.1)
    Unic.Bob.Keith (2.0.2)
    Unic.Bob.Rubble (3.2)
